GIT
  remote: https://github.com/jfeldstein/email_verifier.git
  revision: f6c97ba7ac1d9f2b2e3e06c1c6a395f866589a9f
  branch: remove-rails
  specs:
    email_verifier (0.0.7)
      dnsruby (>= 1.5)

GEM
  remote: https://rubygems.org/
  specs:
    daemons (1.1.9)
    dnsruby (1.57.0)
    eventmachine (1.0.3)
    rack (1.6.0)
    rack-protection (1.5.3)
      rack
    sinatra (1.4.5)
      rack (~> 1.4)
      rack-protection (~> 1.4)
      tilt (~> 1.3, >= 1.3.4)
    thin (1.5.1)
      daemons (>= 1.0.9)
      eventmachine (>= 0.12.6)
      rack (>= 1.0.0)
    tilt (1.4.1)

PLATFORMS
  ruby

DEPENDENCIES
  email_verifier!
  sinatra
  thin
